GIT
  remote: https://github.com/jbox-web/gitolite-rugged.git
  revision: 551741d1df06f6e386bc23461c7bfcac3dfb28b2
  tag: 1.2.0
  specs:
    gitolite-rugged (1.2.0)
      gratr19 (~> 0.4.4, >= 0.4.4.1)
      rugged (~> 0.22, >= 0.22.2)

GIT
  remote: https://github.com/jbox-web/grack.git
  revision: f2d856ee2d54940db2f509c47d546a891fae26b8
  branch: fix_gemfile
  specs:
    gitlab-grack (2.0.2)
      rack (>= 1.5.1)

PATH
  remote: plugins/redmine_plugins_helper
  specs:
    redmine_plugins_helper (0.6.3)
      sass-rails (~> 5.0)

GEM
  remote: https://rubygems.org/
  specs:
    RedCloth (4.3.2)
    actioncable (5.2.4.2)
      actionpack (= 5.2.4.2)
      nio4r (~> 2.0)
      websocket-driver (>= 0.6.1)
    actionmailer (5.2.4.2)
      actionpack (= 5.2.4.2)
      actionview (= 5.2.4.2)
      activejob (= 5.2.4.2)
      mail (~> 2.5, >= 2.5.4)
      rails-dom-testing (~> 2.0)
    actionpack (5.2.4.2)
      actionview (= 5.2.4.2)
      activesupport (= 5.2.4.2)
      rack (~> 2.0, >= 2.0.8)
      rack-test (>= 0.6.3)
      rails-dom-testing (~> 2.0)
      rails-html-sanitizer (~> 1.0, >= 1.0.2)
    actionpack-xml_parser (2.0.1)
      actionpack (>= 5.0)
      railties (>= 5.0)
    actionview (5.2.4.2)
      activesupport (= 5.2.4.2)
      builder (~> 3.1)
      erubi (~> 1.4)
      rails-dom-testing (~> 2.0)
      rails-html-sanitizer (~> 1.0, >= 1.0.3)
    activejob (5.2.4.2)
      activesupport (= 5.2.4.2)
      globalid (>= 0.3.6)
    activemodel (5.2.4.2)
      activesupport (= 5.2.4.2)
    activerecord (5.2.4.2)
      activemodel (= 5.2.4.2)
      activesupport (= 5.2.4.2)
      arel (>= 9.0)
    activestorage (5.2.4.2)
      actionpack (= 5.2.4.2)
      activerecord (= 5.2.4.2)
      marcel (~> 0.3.1)
    activesupport (5.2.4.2)
      concurrent-ruby (~> 1.0, >= 1.0.2)
      i18n (>= 0.7, < 2)
      minitest (~> 5.1)
      tzinfo (~> 1.1)
    addressable (2.7.0)
      public_suffix (>= 2.0.2, < 5.0)
    arel (9.0.0)
    asciidoctor (2.0.10)
    ast (2.4.1)
    brakeman (4.8.2)
    builder (3.2.4)
    bullet (6.1.0)
      activesupport (>= 3.0.0)
      uniform_notifier (~> 1.11)
    capybara (3.25.0)
      addressable
      mini_mime (>= 0.1.3)
      nokogiri (~> 1.8)
      rack (>= 1.6.0)
      rack-test (>= 0.6.3)
      regexp_parser (~> 1.5)
      xpath (~> 3.2)
    childprocess (3.0.0)
    codeclimate-test-reporter (1.0.7)
      simplecov
    concurrent-ruby (1.1.6)
    connection_pool (2.2.3)
    crass (1.0.6)
    creole (0.5.0)
    css_parser (1.7.1)
      addressable
    csv (3.1.5)
    dalli (2.7.10)
    database_cleaner (1.8.5)
    deface (1.5.3)
      nokogiri (>= 1.6)
      polyglot
      rails (>= 4.1)
      rainbow (>= 2.1.0)
    diff-lcs (1.4.2)
    docile (1.3.2)
    erubi (1.9.0)
    escape_utils (1.2.1)
    factory_bot (4.11.1)
      activesupport (>= 3.0.0)
    factory_bot_rails (4.11.1)
      factory_bot (~> 4.11.1)
      railties (>= 3.0.0)
    ffi (1.13.1)
    gemoji (3.0.1)
    github-markup (3.0.4)
    globalid (0.4.2)
      activesupport (>= 4.2.0)
    gratr19 (0.4.4.1)
    hiredis (0.6.3)
    html-pipeline (2.13.0)
      activesupport (>= 2)
      nokogiri (>= 1.4)
    htmlentities (4.3.4)
    i18n (1.6.0)
      concurrent-ruby (~> 1.0)
    invisible_captcha (1.0.1)
      rails (>= 4.2)
    jaro_winkler (1.5.4)
    json (2.3.0)
    loofah (2.6.0)
      crass (~> 1.0.2)
      nokogiri (>= 1.5.9)
    mail (2.7.1)
      mini_mime (>= 0.1.1)
    marcel (0.3.3)
      mimemagic (~> 0.3.2)
    method_source (1.0.0)
    mimemagic (0.3.5)
    mini_magick (4.9.5)
    mini_mime (1.0.2)
    mini_portile2 (2.4.0)
    minitest (5.14.1)
    mocha (1.11.2)
    net-ldap (0.16.2)
    nio4r (2.5.2)
    nokogiri (1.10.9)
      mini_portile2 (~> 2.4.0)
    org-ruby (0.9.12)
      rubypants (~> 0.2)
    parallel (1.19.2)
    parser (2.7.1.4)
      ast (~> 2.4.1)
    pg (1.1.4)
    polyglot (0.3.5)
    public_suffix (4.0.5)
    puma (3.12.6)
    rack (2.2.3)
    rack-openid (1.4.2)
      rack (>= 1.1.0)
      ruby-openid (>= 2.1.8)
    rack-parser (0.7.0)
      rack
    rack-protection (2.0.8.1)
      rack
    rack-test (1.1.0)
      rack (>= 1.0, < 3)
    rails (5.2.4.2)
      actioncable (= 5.2.4.2)
      actionmailer (= 5.2.4.2)
      actionpack (= 5.2.4.2)
      actionview (= 5.2.4.2)
      activejob (= 5.2.4.2)
      activemodel (= 5.2.4.2)
      activerecord (= 5.2.4.2)
      activestorage (= 5.2.4.2)
      activesupport (= 5.2.4.2)
      bundler (>= 1.3.0)
      railties (= 5.2.4.2)
      sprockets-rails (>= 2.0.0)
    rails-controller-testing (1.0.5)
      actionpack (>= 5.0.1.rc1)
      actionview (>= 5.0.1.rc1)
      activesupport (>= 5.0.1.rc1)
    rails-dom-testing (2.0.3)
      activesupport (>= 4.2.0)
      nokogiri (>= 1.6)
    rails-html-sanitizer (1.3.0)
      loofah (~> 2.3)
    railties (5.2.4.2)
      actionpack (= 5.2.4.2)
      activesupport (= 5.2.4.2)
      method_source
      rake (>= 0.8.7)
      thor (>= 0.19.0, < 2.0)
    rainbow (3.0.0)
    rake (13.0.1)
    rb-fsevent (0.10.4)
    rb-inotify (0.10.1)
      ffi (~> 1.0)
    rbpdf (1.20.1)
      htmlentities
      rbpdf-font (~> 1.19.0)
    rbpdf-font (1.19.1)
    redcarpet (3.5.0)
    redis (4.2.1)
    regexp_parser (1.7.1)
    request_store (1.4.1)
      rack (>= 1.4)
    rinku (2.0.6)
    roadie (4.0.0)
      css_parser (~> 1.4)
      nokogiri (~> 1.8)
    roadie-rails (2.1.1)
      railties (>= 5.1, < 6.1)
      roadie (>= 3.1, < 5.0)
    rouge (3.12.0)
    rspec (3.9.0)
      rspec-core (~> 3.9.0)
      rspec-expectations (~> 3.9.0)
      rspec-mocks (~> 3.9.0)
    rspec-core (3.9.2)
      rspec-support (~> 3.9.3)
    rspec-expectations (3.9.2)
      diff-lcs (>= 1.2.0, < 2.0)
      rspec-support (~> 3.9.0)
    rspec-mocks (3.9.1)
      diff-lcs (>= 1.2.0, < 2.0)
      rspec-support (~> 3.9.0)
    rspec-rails (3.9.1)
      actionpack (>= 3.0)
      activesupport (>= 3.0)
      railties (>= 3.0)
      rspec-core (~> 3.9.0)
      rspec-expectations (~> 3.9.0)
      rspec-mocks (~> 3.9.0)
      rspec-support (~> 3.9.0)
    rspec-support (3.9.3)
    rubocop (0.76.0)
      jaro_winkler (~> 1.5.1)
      parallel (~> 1.10)
      parser (>= 2.6)
      rainbow (>= 2.2.2, < 4.0)
      ruby-progressbar (~> 1.7)
      unicode-display_width (>= 1.4.0, < 1.7)
    rubocop-performance (1.5.2)
      rubocop (>= 0.71.0)
    rubocop-rails (2.3.2)
      rack (>= 1.1)
      rubocop (>= 0.72.0)
    rubocop-rspec (1.40.0)
      rubocop (>= 0.68.1)
    ruby-openid (2.9.2)
    ruby-progressbar (1.10.1)
    rubypants (0.7.1)
    rubyzip (2.3.0)
    rugged (0.99.0)
    sass (3.7.4)
      sass-listen (~> 4.0.0)
    sass-listen (4.0.0)
      rb-fsevent (~> 0.9, >= 0.9.4)
      rb-inotify (~> 0.9, >= 0.9.7)
    sass-rails (5.1.0)
      railties (>= 5.2.0)
      sass (~> 3.1)
      sprockets (>= 2.8, < 4.0)
      sprockets-rails (>= 2.0, < 4.0)
      tilt (>= 1.1, < 3)
    selenium-webdriver (3.142.7)
      childprocess (>= 0.5, < 4.0)
      rubyzip (>= 1.2.2)
    shoulda (3.5.0)
      shoulda-context (~> 1.0, >= 1.0.1)
      shoulda-matchers (>= 1.4.1, < 3.0)
    shoulda-context (1.2.2)
    shoulda-matchers (2.7.0)
      activesupport (>= 3.0.0)
    sidekiq (6.0.7)
      connection_pool (>= 2.2.2)
      rack (~> 2.0)
      rack-protection (>= 2.0.0)
      redis (>= 4.1.0)
    simplecov (0.17.1)
      docile (~> 1.1)
      json (>= 1.8, < 3)
      simplecov-html (~> 0.10.0)
    simplecov-html (0.10.2)
    slim (4.1.0)
      temple (>= 0.7.6, < 0.9)
      tilt (>= 2.0.6, < 2.1)
    slim-rails (3.2.0)
      actionpack (>= 3.1)
      railties (>= 3.1)
      slim (>= 3.0, < 5.0)
    spring (2.1.0)
    spring-commands-rspec (1.0.4)
      spring (>= 0.9.1)
    sprockets (3.7.2)
      concurrent-ruby (~> 1.0)
      rack (> 1, < 3)
    sprockets-rails (3.2.1)
      actionpack (>= 4.0)
      activesupport (>= 4.0)
      sprockets (>= 3.0.0)
    sshkey (2.0.0)
    temple (0.8.2)
    thor (1.0.1)
    thread_safe (0.3.6)
    tilt (2.0.10)
    tzinfo (1.2.7)
      thread_safe (~> 0.1)
    unicode-display_width (1.6.1)
    uniform_notifier (1.13.0)
    websocket-driver (0.7.2)
      websocket-extensions (>= 0.1.0)
    websocket-extensions (0.1.5)
    will_paginate (3.3.0)
    xpath (3.2.0)
      nokogiri (~> 1.8)
    yard (0.9.25)

PLATFORMS
  ruby

DEPENDENCIES
  RedCloth
  actionpack-xml_parser
  asciidoctor
  brakeman
  bullet
  bundler (>= 1.5.0)
  capybara (~> 3.25.0)
  codeclimate-test-reporter
  creole
  csv (~> 3.1.1)
  dalli
  database_cleaner
  deface (= 1.5.3)
  escape_utils
  factory_bot_rails (< 5.0)
  ffi
  gemoji (~> 3.0.0)
  github-markup
  gitlab-grack (~> 2.0.0)!
  gitolite-rugged!
  hiredis
  html-pipeline
  i18n (~> 1.6.0)
  invisible_captcha
  mail (~> 2.7.1)
  mimemagic
  mini_magick (~> 4.9.5)
  mini_mime (~> 1.0.1)
  mocha (>= 1.4.0)
  net-ldap (~> 0.16.0)
  nokogiri (~> 1.10.0)
  org-ruby
  pg (~> 1.1.4)
  puma (~> 3.7)
  rack-openid
  rack-parser
  rails (= 5.2.4.2)
  rails-controller-testing
  rails-dom-testing
  rbpdf (~> 1.20.0)
  redcarpet (~> 3.5.0)
  redis
  redmine_plugins_helper!
  request_store (~> 1.4.1)
  rinku
  roadie-rails (~> 2.1.0)
  rouge (~> 3.12.0)
  rspec
  rspec-rails (~> 3.5, >= 3.5.2)
  rubocop (~> 0.76.0)
  rubocop-performance (~> 1.5.0)
  rubocop-rails (~> 2.3.0)
  rubocop-rspec
  ruby-openid (~> 2.9.2)
  selenium-webdriver
  shoulda (~> 3.5.0)
  shoulda-context
  shoulda-matchers (~> 2.7.0)
  sidekiq
  simplecov (~> 0.17.0)
  slim-rails
  spring
  spring-commands-rspec
  sshkey
  tzinfo-data
  will_paginate
  yard

RUBY VERSION
   ruby 2.4.4p296

BUNDLED WITH
   1.17.3
